GEM
  remote: https://rubygems.org/
  specs:
    albacore (2.5.6)
      map (~> 6.5)
      nokogiri (~> 1.5)
      rake (~> 10)
      semver2 (~> 3.4)
    foreman (0.78.0)
      thor (~> 0.19.1)
    map (6.5.5)
    mini_portile2 (2.0.0)
    nokogiri (1.6.7)
      mini_portile2 (~> 2.0.0.rc2)
    nokogiri (1.6.7-x86-mingw32)
      mini_portile2 (~> 2.0.0.rc2)
    rake (10.4.2)
    semver2 (3.4.2)
    thor (0.19.1)

PLATFORMS
  ruby
  x86-mingw32

DEPENDENCIES
  albacore (~> 2)
  foreman

BUNDLED WITH
   1.11.2
